GEM
  remote: http://rubygems.org/
  specs:
    growl (1.0.3)
    guard (0.5.1)
      thor (~> 0.14.6)
    guard-test (0.3.0)
      guard (>= 0.2.2)
      test-unit (~> 2.2)
    mocha (0.9.12)
    rake (0.9.2)
    rb-fsevent (0.4.2)
    test-unit (2.3.1)
    thor (0.14.6)

PLATFORMS
  ruby

DEPENDENCIES
  growl
  guard
  guard-test
  mocha
  rake
  rb-fsevent
